PATH
  remote: .
  specs:
    anyplayer (1.1.5)
      ruby-mpd (~> 0.3.0)

GEM
  remote: http://rubygems.org/
  specs:
    flexmock (1.3.3)
    minitest (5.4.1)
    rake (10.3.2)
    ruby-mpd (0.3.3)

PLATFORMS
  ruby

DEPENDENCIES
  anyplayer!
  flexmock
  minitest
  rake
